GEM
  remote: https://rubygems.org/
  specs:
    celluloid (0.15.2)
      timers (~> 1.1.0)
    coderay (1.1.0)
    coffee-script (2.2.0)
      coffee-script-source
      execjs
    coffee-script-source (1.2.0)
    execjs (1.3.0)
      multi_json (~> 1.0)
    ffi (1.9.3)
    formatador (0.2.5)
    growl (1.0.3)
    guard (2.6.1)
      formatador (>= 0.2.4)
      listen (~> 2.7)
      lumberjack (~> 1.0)
      pry (>= 0.9.12)
      thor (>= 0.18.1)
    guard-coffeescript (0.5.4)
      coffee-script (>= 2.2.0)
      guard (>= 0.8.3)
    guard-slim (0.0.1)
      guard (>= 0.4.0)
      slim
    listen (2.7.9)
      celluloid (>= 0.15.2)
      rb-fsevent (>= 0.9.3)
      rb-inotify (>= 0.9)
    lumberjack (1.0.9)
    method_source (0.8.2)
    multi_json (1.0.4)
    orm_from_csv (0.1.0)
    pry (0.10.0)
      coderay (~> 1.1.0)
      method_source (~> 0.8.1)
      slop (~> 3.4)
    rake (10.1.1)
    rb-fsevent (0.9.4)
    rb-inotify (0.9.5)
      ffi (>= 0.5.0)
    sass (3.2.14)
    slim (2.0.3)
      temple (~> 0.6.6)
      tilt (>= 1.3.3, < 2.1)
    slop (3.6.0)
    temple (0.6.8)
    thor (0.19.1)
    tilt (2.0.1)
    timers (1.1.0)

PLATFORMS
  ruby

DEPENDENCIES
  growl (= 1.0.3)
  guard-coffeescript (= 0.5.4)
  guard-slim
  orm_from_csv (= 0.1.0)
  rake
  sass (= 3.2.14)
