GEM
  remote: https://rubygems.org/
  specs:
    coffee-script (2.2.0)
      coffee-script-source
      execjs
    coffee-script-source (1.2.0)
    execjs (1.3.0)
      multi_json (~> 1.0)
    ffi (1.0.11)
    growl (1.0.3)
    guard (1.0.0)
      ffi (>= 0.5.0)
      thor (~> 0.14.6)
    guard-coffeescript (0.5.4)
      coffee-script (>= 2.2.0)
      guard (>= 0.8.3)
    multi_json (1.0.4)
    orm_from_csv (0.1.0)
    rack (1.4.1)
    rack-protection (1.2.0)
      rack
    rake (10.1.1)
    sass (3.2.14)
    sinatra (1.3.2)
      rack (~> 1.3, >= 1.3.6)
      rack-protection (~> 1.2)
      tilt (~> 1.3, >= 1.3.3)
    slim (1.1.1)
      temple (~> 0.4.0)
      tilt (~> 1.3.2)
    temple (0.4.0)
    thor (0.14.6)
    tilt (1.3.3)

PLATFORMS
  ruby

DEPENDENCIES
  growl (= 1.0.3)
  guard-coffeescript (= 0.5.4)
  orm_from_csv (= 0.1.0)
  rake
  sass (= 3.2.14)
  sinatra (= 1.3.2)
  slim (= 1.1.1)
